GEM
  remote: http://rubygems.org/
  specs:
    diff-lcs (1.2.1)
    ethon (0.5.10)
      ffi (~> 1.3.0)
      mime-types (~> 1.18)
    ffi (1.3.1)
    mime-types (1.21)
    rack (1.5.2)
    rack-protection (1.4.0)
      rack
    rspec (2.13.0)
      rspec-core (~> 2.13.0)
      rspec-expectations (~> 2.13.0)
      rspec-mocks (~> 2.13.0)
    rspec-core (2.13.1)
    rspec-expectations (2.13.0)
      diff-lcs (>= 1.1.3, < 2.0)
    rspec-mocks (2.13.0)
    sinatra (1.3.5)
      rack (~> 1.4)
      rack-protection (~> 1.3)
      tilt (~> 1.3, >= 1.3.3)
    tilt (1.3.5)
    typhoeus (0.6.2)
      ethon (~> 0.5.10)
    wirble (0.1.3)

PLATFORMS
  ruby

DEPENDENCIES
  rspec
  sinatra
  typhoeus
  wirble
